GEM
  remote: https://rubygems.org/
  specs:
    webrick (1.3.1)

PLATFORMS
  ruby

DEPENDENCIES
  webrick

BUNDLED WITH
   1.13.7
