GEM
  remote: https://rubygems.org/
  specs:
    byebug (9.0.6)
    coderay (1.1.1)
    continuous_integration (0.0.7)
    method_source (0.8.2)
    pry (0.10.4)
      coderay (~> 1.1.0)
      method_source (~> 0.8.1)
      slop (~> 3.4)
    pry-byebug (3.4.2)
      byebug (~> 9.0)
      pry (~> 0.10)
    slop (3.6.0)
    webrick (1.3.1)

PLATFORMS
  ruby

DEPENDENCIES
  byebug
  continuous_integration
  pry-byebug
  webrick

BUNDLED WITH
   1.13.7
